PATH
  remote: .
  specs:
    rdf-sesame (0.4.2)
      json_pure (~> 1.8)
      rdf (~> 1.0)

GEM
  remote: https://rubygems.org/
  specs:
    addressable (2.3.5)
    diff-lcs (1.2.4)
    json_pure (1.8.0)
    rake (10.1.0)
    rdf (1.0.7)
      addressable (>= 2.2)
    rdf-spec (1.0.7)
      rspec (>= 2.12)
    rspec (2.14.1)
      rspec-core (~> 2.14.0)
      rspec-expectations (~> 2.14.0)
      rspec-mocks (~> 2.14.0)
    rspec-core (2.14.2)
    rspec-expectations (2.14.0)
      diff-lcs (>= 1.1.3, < 2.0)
    rspec-mocks (2.14.1)
    yard (0.8.6.2)

PLATFORMS
  ruby

DEPENDENCIES
  rake
  rdf-sesame!
  rdf-spec (~> 1.0)
  rspec (~> 2)
  yard (~> 0.8)
