GIT
  remote: git://github.com/ruby-rdf/rdf-spec.git
  revision: e078a37d69ca75566442cf2e08c79f851435a05b
  branch: develop
  specs:
    rdf-spec (1.1.0)
      rspec (>= 2.14)

GIT
  remote: git://github.com/ruby-rdf/rdf.git
  revision: 87f3f5c3cf4c34134b28edd35c2813ea252bfc3c
  branch: develop
  specs:
    rdf (1.1.0)

PATH
  remote: .
  specs:
    rdf-sesame (0.4.2)
      json_pure (~> 1.8)
      rdf (~> 1.1)

GEM
  remote: https://rubygems.org/
  specs:
    diff-lcs (1.2.4)
    json_pure (1.8.1)
    rake (10.1.0)
    rspec (2.14.1)
      rspec-core (~> 2.14.0)
      rspec-expectations (~> 2.14.0)
      rspec-mocks (~> 2.14.0)
    rspec-core (2.14.2)
    rspec-expectations (2.14.0)
      diff-lcs (>= 1.1.3, < 2.0)
    rspec-mocks (2.14.1)
    yard (0.8.6.2)

PLATFORMS
  ruby

DEPENDENCIES
  rake
  rdf!
  rdf-sesame!
  rdf-spec!
  rspec (~> 2)
  yard (~> 0.8)
